GIT
  remote: git://github.com/rkh/sinatra.git
  revision: 9cfa74a7f352e13eb7f4f90cb8270fe51f611be5
  specs:
    sinatra (1.1.0)
      rack (>= 1.0)
      tilt (~> 1.1)

GEM
  remote: http://rubygems.org/
  specs:
    rack (1.2.1)
    tilt (1.1)

PLATFORMS
  ruby

DEPENDENCIES
  sinatra!
